PATH
  remote: .
  specs:
    global_boolean (0.1.2)

GEM
  remote: http://rubygems.org/
  remote: http://ror-devel:9393/
  specs:

PLATFORMS
  ruby

DEPENDENCIES
  bundler (~> 1.0.7)
  global_boolean!
